GEM
  remote: http://rubygems.org/
  specs:
    execjs (1.4.0)
      multi_json (~> 1.0)
    jshintrb (0.2.1)
      execjs
      multi_json (>= 1.3)
      rake
    multi_json (1.5.0)
    rake (10.0.3)

PLATFORMS
  ruby

DEPENDENCIES
  jshintrb
